GIT
  remote: http://github.com/yabawock/ultraviolet.git
  revision: 0a466b9af09dbe9de30919f534f167c71363b494
  specs:
    ultraviolet (0.11.0)
      textpow19 (>= 0.11.0)

GEM
  remote: http://rubygems.org/
  specs:
    activesupport (3.0.1)
    bson (1.1.1)
    bson_ext (1.1.1)
    daemons (1.1.0)
    eventmachine (0.12.10)
    factory_girl (1.3.2)
    haml (3.0.21)
    i18n (0.4.1)
    jnunemaker-validatable (1.8.4)
      activesupport (>= 2.3.4)
    jsmin (1.0.1)
    micronaut (0.3.0)
    mongo (1.1.1)
      bson (>= 1.1.1)
    mongo_mapper (0.8.6)
      activesupport (>= 2.3.4)
      jnunemaker-validatable (~> 1.8.4)
      plucky (~> 0.3.6)
    plist (3.1.0)
    plucky (0.3.6)
      mongo (~> 1.1)
    rack (1.2.1)
    rdiscount (1.6.5)
    resource_mapper (0.0.1)
      activesupport (>= 2.3.5)
      mongo_mapper (>= 0.7.6)
      sinatra (>= 1.0)
    sinatra (1.0)
      rack (>= 1.0)
    sprockets (1.0.2)
    textpow19 (0.11.0)
      plist (>= 3.0.1)
    thin (1.2.7)
      daemons (>= 1.0.9)
      eventmachine (>= 0.12.6)
      rack (>= 1.0.0)

PLATFORMS
  ruby

DEPENDENCIES
  activesupport
  bson_ext
  factory_girl
  haml
  i18n
  jsmin
  micronaut
  mongo_mapper
  rack
  rdiscount
  resource_mapper
  sinatra
  sprockets
  thin
  ultraviolet!
